PATH
  remote: .
  specs:
    skim (0.9.3)
      coffee-script
      coffee-script-source (>= 1.2.0)
      slim (>= 2.0.0, <= 3.0.3)
      sprockets (>= 2)

GEM
  remote: http://rubygems.org/
  specs:
    ansi (1.5.0)
    builder (3.2.2)
    coffee-script (2.3.0)
      coffee-script-source
      execjs
    coffee-script-source (1.9.1)
    execjs (2.4.0)
    hashie (3.4.0)
    hike (1.2.3)
    libv8 (3.16.14.7)
    minitest (4.7.5)
    minitest-reporters (0.14.24)
      ansi
      builder
      minitest (>= 2.12, < 5.0)
      powerbar
    multi_json (1.11.0)
    powerbar (1.0.12)
      ansi (~> 1.5.0)
      hashie (>= 1.1.0)
    rack (1.6.0)
    rake (10.4.2)
    ref (1.0.5)
    slim (3.0.3)
      temple (~> 0.7.3)
      tilt (>= 1.3.3, < 2.1)
    sprockets (2.12.3)
      hike (~> 1.2)
      multi_json (~> 1.0)
      rack (~> 1.0)
      tilt (~> 1.1, != 1.3.0)
    temple (0.7.5)
    therubyracer (0.12.1)
      libv8 (~> 3.16.14.0)
      ref
    tilt (1.4.1)

PLATFORMS
  ruby

DEPENDENCIES
  execjs
  libv8 (= 3.16.14.7)
  minitest-reporters (~> 0.10)
  rake
  skim!
  therubyracer
